GEM
  remote: https://rubygems.org/
  specs:
    arrow (1.0.8)
      configurability (>= 1.0.1)
      formvalidator (>= 0.1.4)
      pluginfactory (>= 1.0.3)
      ruby-cache (>= 0.3.0)
    configurability (4.2.0)
      loggability (~> 0.15)
    formvalidator (0.1.5)
    loggability (0.18.2)
    pluginfactory (1.0.8)
    power_assert (2.0.4)
    ruby-cache (0.3.0)
    test-unit (3.6.2)
      power_assert

PLATFORMS
  arm64-darwin-23
  ruby

DEPENDENCIES
  arrow
  test-unit

BUNDLED WITH
   2.5.20
